GIT
  remote: https://github.com/qnighy/test_gem_1.git
  revision: a8c11a3c8b3dfc1ede2e6885395c3409d60975a6
  tag: v0.1.0
  specs:
    test_gem_1 (0.1.0)

GEM
  remote: https://rubygems.org/
  specs:
    diff-lcs (1.3)
    kramdown (2.1.0)
    rake (10.5.0)
    rspec (3.8.0)
      rspec-core (~> 3.8.0)
      rspec-expectations (~> 3.8.0)
      rspec-mocks (~> 3.8.0)
    rspec-core (3.8.1)
      rspec-support (~> 3.8.0)
    rspec-expectations (3.8.4)
      diff-lcs (>= 1.2.0, < 2.0)
      rspec-support (~> 3.8.0)
    rspec-mocks (3.8.1)
      diff-lcs (>= 1.2.0, < 2.0)
      rspec-support (~> 3.8.0)
    rspec-support (3.8.2)
    rubygems-tasks (0.2.4)
    yard (0.9.19)

PLATFORMS
  ruby

DEPENDENCIES
  bundler (~> 1.10)
  kramdown
  rake (~> 10.0)
  rspec (~> 3.0)
  rubygems-tasks (~> 0.2)
  test_gem_1!
  yard (~> 0.8)

BUNDLED WITH
   1.17.3
